PATH
  remote: server/vendor/eventmachine-0.12.11
  specs:
    eventmachine (0.12.11)

GEM
  remote: http://rubygems.org/
  specs:
    activemodel (3.0.0.beta)
      activesupport (= 3.0.0.beta)
    activesupport (3.0.0.beta)
      builder (~> 2.1.2)
      i18n (~> 0.3.0)
      memcache-client (~> 1.7.5)
      tzinfo (~> 0.3.16)
    arel (0.2.1)
      activesupport (>= 3.0.0.beta)
    backports (1.18.2)
    bcrypt-ruby (2.1.1)
    builder (2.1.2)
    cramp (0.10)
      activemodel (= 3.0.0.beta)
      activesupport (= 3.0.0.beta)
      arel (= 0.2.1)
      eventmachine (~> 0.12.10)
      mysqlplus (~> 0.1.1)
      rack (~> 1.1.0)
    daemons (1.0.10)
    erector (0.6.7)
      treetop (>= 1.2.3)
    faker (0.3.1)
    git (1.2.5)
    guid (0.1.1)
    haml (3.0.18)
    i18n (0.3.7)
    json (1.2.0)
    machinist (1.0.6)
    mail (2.2.7)
      activesupport (>= 2.3.6)
      mime-types
      treetop (>= 1.4.5)
    memcache-client (1.7.8)
    mime-types (1.16)
    monkey-lib (0.4.2)
      backports
    mysql (2.8.1)
    mysqlplus (0.1.2)
    net-ssh (2.0.23)
    newrelic_rpm (2.13.2)
    pg (0.9.0)
    polyglot (0.3.1)
    pony (1.0)
      mail (> 2.0)
    rack (1.1.0)
    rack-flash (0.1.1)
      rack
    rack-test (0.5.3)
      rack (>= 1.0)
    rake (0.8.7)
    rgl (0.4.0)
      rake
      stream (>= 0.5)
    rr (1.0.0)
    rspec (1.3.0)
    ruby-prof (0.9.2)
    sequel (3.16.0)
    sinatra (1.0)
      rack (>= 1.0)
    sinatra-advanced-routes (0.4.1)
      monkey-lib (~> 0.4.0)
      sinatra (>= 0.9.4)
      sinatra-sugar (~> 0.4.0)
    sinatra-reloader (0.4.1)
      sinatra (>= 0.9.4)
      sinatra-advanced-routes (~> 0.4.0)
    sinatra-sugar (0.4.1)
      monkey-lib (~> 0.4.0)
      sinatra (>= 0.9.4)
    stream (0.5)
    thin (1.2.7)
      daemons (>= 1.0.9)
      eventmachine (>= 0.12.6)
      rack (>= 1.0.0)
    timecop (0.3.4)
    treetop (1.4.8)
      polyglot (>= 0.3.1)
    tzinfo (0.3.23)
    warden (0.10.7)
      rack (>= 1.0.0)

PLATFORMS
  ruby

DEPENDENCIES
  activesupport (= 3.0.0.beta)
  bcrypt-ruby (= 2.1.1)
  cramp (= 0.10)
  daemons (= 1.0.10)
  erector (= 0.6.7)
  eventmachine (= 0.12.11)!
  faker (= 0.3.1)
  git (= 1.2.5)
  guid (= 0.1.1)
  haml (= 3.0.18)
  json (= 1.2.0)
  machinist (= 1.0.6)
  mysql (= 2.8.1)
  net-ssh (= 2.0.23)
  newrelic_rpm (= 2.13.2)
  pg (= 0.9.0)
  pony (= 1.0)
  rack (= 1.1.0)
  rack-flash (= 0.1.1)
  rack-test (= 0.5.3)
  rgl (= 0.4.0)
  rr (= 1.0.0)
  rspec (= 1.3.0)
  ruby-prof (= 0.9.2)
  sequel (= 3.16.0)
  sinatra (= 1.0)
  sinatra-reloader (= 0.4.1)
  thin (= 1.2.7)
  timecop (= 0.3.4)
  warden (= 0.10.7)
