GIT
  remote: git://github.com/eventmachine/eventmachine
  revision: 6c79977980345f2e3b55b18a8cd690485793f8fe
  ref: 6c79977980345f2e3b55
  specs:
    eventmachine (0.12.11)

GEM
  remote: http://rubygems.org/
  specs:
    SystemTimer (1.2.1)
    activemodel (3.0.1)
      activesupport (= 3.0.1)
      builder (~> 2.1.2)
      i18n (~> 0.4.1)
    activesupport (3.0.1)
    archive-tar-minitar (0.5.2)
    arel (0.3.3)
      activesupport (>= 3.0.0.beta)
    backports (1.18.2)
    bcrypt-ruby (2.1.1)
    builder (2.1.2)
    columnize (0.3.1)
    cramp (0.11)
      activemodel (~> 3.0.0.beta3)
      activesupport (~> 3.0.0.beta3)
      arel (= 0.3.3)
      eventmachine (~> 0.12.10)
      mysqlplus (~> 0.1.1)
      rack (~> 1.1.0)
    daemons (1.0.10)
    erector (0.6.7)
      treetop (>= 1.2.3)
    faker (0.3.1)
    git (1.2.5)
    guid (0.1.1)
    haml (3.0.18)
    i18n (0.4.2)
    json (1.4.6)
    linecache19 (0.5.11)
      ruby_core_source (>= 0.1.4)
    machinist (1.0.6)
    mail (2.2.9)
      activesupport (>= 2.3.6)
      i18n (~> 0.4.1)
      mime-types (~> 1.16)
      treetop (~> 1.4.8)
    mime-types (1.16)
    monkey-lib (0.5.4)
      backports
    mysql (2.8.1)
    mysqlplus (0.1.2)
    net-ssh (2.0.23)
    newrelic_rpm (2.13.2)
    pg (0.9.0)
    polyglot (0.3.1)
    pony (1.0)
      mail (> 2.0)
    rack (1.1.0)
    rack-flash (0.1.1)
      rack
    rack-test (0.5.3)
      rack (>= 1.0)
    rake (0.8.7)
    redis (2.1.1)
    redis-namespace (0.8.0)
      redis (< 3.0.0)
    resque (1.10.0)
      json (~> 1.4.6)
      redis-namespace (~> 0.8.0)
      sinatra (>= 0.9.2)
      vegas (~> 0.1.2)
    rgl (0.4.0)
      rake
      stream (>= 0.5)
    rr (1.0.0)
    rspec (1.3.0)
    ruby-debug-base19 (0.11.23)
      columnize (>= 0.3.1)
      linecache19 (>= 0.5.11)
      ruby_core_source (>= 0.1.4)
    ruby-debug19 (0.11.6)
      columnize (>= 0.3.1)
      linecache19 (>= 0.5.11)
      ruby-debug-base19 (>= 0.11.19)
    ruby-prof (0.9.2)
    ruby_core_source (0.1.4)
      archive-tar-minitar (>= 0.5.2)
    sequel (3.16.0)
    sinatra (1.0)
      rack (>= 1.0)
    sinatra-advanced-routes (0.5.1)
      monkey-lib (~> 0.5.0)
      sinatra (~> 1.0)
      sinatra-sugar (~> 0.5.0)
    sinatra-reloader (0.5.0)
      sinatra (~> 1.0)
      sinatra-advanced-routes (~> 0.5.0)
    sinatra-sugar (0.5.0)
      monkey-lib (~> 0.5.0)
      sinatra (~> 1.0)
    stream (0.5)
    thin (1.2.7)
      daemons (>= 1.0.9)
      eventmachine (>= 0.12.6)
      rack (>= 1.0.0)
    timecop (0.3.4)
    treetop (1.4.8)
      polyglot (>= 0.3.1)
    vegas (0.1.8)
      rack (>= 1.0.0)
    warden (0.10.7)
      rack (>= 1.0.0)

PLATFORMS
  ruby

DEPENDENCIES
  SystemTimer (= 1.2.1)
  activesupport (= 3.0.1)
  bcrypt-ruby (= 2.1.1)
  cramp (= 0.11)
  daemons (= 1.0.10)
  erector (= 0.6.7)
  eventmachine (= 0.12.11)!
  faker (= 0.3.1)
  git (= 1.2.5)
  guid (= 0.1.1)
  haml (= 3.0.18)
  json (= 1.4.6)
  machinist (= 1.0.6)
  mysql (= 2.8.1)
  net-ssh (= 2.0.23)
  newrelic_rpm (= 2.13.2)
  pg (= 0.9.0)
  pony (= 1.0)
  rack (= 1.1.0)
  rack-flash (= 0.1.1)
  rack-test (= 0.5.3)
  resque (= 1.10.0)
  rgl (= 0.4.0)
  rr (= 1.0.0)
  rspec (= 1.3.0)
  ruby-debug-base19 (= 0.11.23)
  ruby-debug19 (= 0.11.6)
  ruby-prof (= 0.9.2)
  sequel (= 3.16.0)
  sinatra (= 1.0)
  sinatra-reloader (= 0.5.0)
  thin (= 1.2.7)
  timecop (= 0.3.4)
  warden (= 0.10.7)
